GEM
  remote: https://rubygems.org/
  specs:
    ProMotion (0.6.2)
    bubble-wrap (1.3.0)
    geomotion (0.12.1)
    rake (10.0.4)
    sugarcube (0.20.21)
    sweettea (0.5.6)
      rake
      sugarcube
      teacup
    teacup (2.0.2)

PLATFORMS
  ruby

DEPENDENCIES
  ProMotion
  bubble-wrap
  geomotion
  sugarcube
  sweettea
  teacup
