GIT
  remote: https://github.com/colinta/sweettea
  revision: 64aa3e4d25aaeaa12fa0dba7884bf03524dd9a98
  specs:
    sweettea (0.5.6)
      rake
      sugarcube
      teacup

GEM
  remote: https://rubygems.org/
  specs:
    ProMotion (1.0.3)
    activesupport (3.2.13)
      i18n (= 0.6.1)
      multi_json (~> 1.0)
    addressable (2.3.4)
    bubble-wrap (1.3.0)
    claide (0.3.2)
    cocoapods (0.20.1)
      activesupport (~> 3.2.13)
      claide (~> 0.3.2)
      cocoapods-core (= 0.20.1)
      cocoapods-downloader (~> 0.1.1)
      colored (~> 1.2)
      escape (~> 0.0.4)
      faraday (~> 0.8.1)
      json (~> 1.8.0)
      octokit (~> 1.7)
      open4 (~> 1.3.0)
      rake (~> 10.0.0)
      xcodeproj (~> 0.6.0)
    cocoapods-core (0.20.1)
      activesupport (~> 3.2.13)
      rake (~> 10.0.0)
    cocoapods-downloader (0.1.1)
    colored (1.2)
    escape (0.0.4)
    faraday (0.8.7)
      multipart-post (~> 1.1)
    faraday_middleware (0.9.0)
      faraday (>= 0.7.4, < 0.9)
    formotion (1.5.1)
      bubble-wrap (~> 1.3.0)
      motion-require (~> 0.0.3)
    geomotion (0.12.1)
    hashie (2.0.5)
    i18n (0.6.1)
    json (1.8.0)
    motion-cocoapods (1.3.2)
      cocoapods (>= 0.17.0)
    motion-require (0.0.7)
    motion-testflight (1.5)
    multi_json (1.7.3)
    multipart-post (1.2.0)
    netrc (0.7.7)
    octokit (1.24.0)
      addressable (~> 2.2)
      faraday (~> 0.8)
      faraday_middleware (~> 0.9)
      hashie (~> 2.0)
      multi_json (~> 1.3)
      netrc (~> 0.7.7)
    open4 (1.3.0)
    rake (10.0.4)
    sugarcube (0.20.21)
    teacup (2.0.2)
    xcodeproj (0.6.0)
      activesupport (~> 3.2.13)
      colored (~> 1.2)

PLATFORMS
  ruby

DEPENDENCIES
  ProMotion (= 1.0.3)
  bubble-wrap
  formotion (= 1.5.1)
  geomotion
  motion-cocoapods
  motion-testflight
  sugarcube
  sweettea!
  teacup
